GEM
  remote: https://rubygems.org/
  specs:
    coderay (1.1.3)
    connected (0.1.1)
      matrix
    matrix (0.4.2)
    method_source (1.0.0)
    pry (0.14.1)
      coderay (~> 1.1)
      method_source (~> 1.0)

PLATFORMS
  arm64-darwin-21

DEPENDENCIES
  connected
  pry

BUNDLED WITH
   2.3.18
